GIT
  remote: git://github.com/puppetlabs/puppetlabs_spec_helper.git
  revision: dd928baaf7a0ef9a2030151581cb91e4e3c90d51
  specs:
    puppetlabs_spec_helper (0.3.0)
      mocha (~> 0.10.5)
      puppet (>= 2.6.0)
      puppet-lint
      rake
      rspec (~> 2.10.0)
      rspec-core (~> 2.10.0)
      rspec-expectations (~> 2.10.0)
      rspec-puppet (>= 0.1.1)

GEM
  remote: https://rubygems.org/
  specs:
    diff-lcs (1.1.3)
    facter (1.6.17)
    hiera (1.1.2)
      json_pure
    json_pure (1.7.7)
    metaclass (0.0.1)
    mocha (0.10.5)
      metaclass (~> 0.0.1)
    puppet (3.1.0)
      facter (~> 1.6)
      hiera (~> 1.0)
    puppet-lint (0.3.2)
    rake (10.0.3)
    rspec (2.10.0)
      rspec-core (~> 2.10.0)
      rspec-expectations (~> 2.10.0)
      rspec-mocks (~> 2.10.0)
    rspec-core (2.10.1)
    rspec-expectations (2.10.0)
      diff-lcs (~> 1.1.3)
    rspec-mocks (2.10.1)
    rspec-puppet (0.1.6)
      rspec

PLATFORMS
  ruby

DEPENDENCIES
  puppet (>= 2.7)
  puppetlabs_spec_helper!
